GEM
  remote: https://rubygems.org/
  specs:
    coderay (1.1.3)
    dotenv (2.8.1)
    method_source (1.0.0)
    pry (0.14.2)
      coderay (~> 1.1)
      method_source (~> 1.0)
    pry-nav (1.0.0)
      pry (>= 0.9.10, < 0.15)

PLATFORMS
  x86_64-linux

DEPENDENCIES
  dotenv
  pry
  pry-nav

BUNDLED WITH
   2.4.6
